GIT
  remote: https://github.com/bricechapuis/material-sass
  revision: f7df3d54326f446a97d1732057d7757c9e197b19
  specs:
    material-sass (4.1.1)
      autoprefixer-rails (>= 6.0.3)

GIT
  remote: https://github.com/galetahub/ckeditor
  revision: 8200ccdbf789669d154b800aab329db8f46aabdc
  specs:
    ckeditor (5.1.1)
      orm_adapter (~> 0.5.0)

GIT
  remote: https://github.com/heartcombo/devise.git
  revision: 8bb358cf80a632d3232c3f548ce7b95fd94b6eb2
  ref: 8bb358cf80a632d3232c3f548ce7b95fd94b6eb2
  specs:
    devise (4.7.3)
      bcrypt (~> 3.0)
      orm_adapter (~> 0.1)
      railties (>= 4.1.0)
      responders
      warden (~> 1.2.3)

GEM
  remote: https://rubygems.org/
  specs:
    actioncable (6.0.0)
      actionpack (= 6.0.0)
      nio4r (~> 2.0)
      websocket-driver (>= 0.6.1)
    actionmailbox (6.0.0)
      actionpack (= 6.0.0)
      activejob (= 6.0.0)
      activerecord (= 6.0.0)
      activestorage (= 6.0.0)
      activesupport (= 6.0.0)
      mail (>= 2.7.1)
    actionmailer (6.0.0)
      actionpack (= 6.0.0)
      actionview (= 6.0.0)
      activejob (= 6.0.0)
      mail (~> 2.5, >= 2.5.4)
      rails-dom-testing (~> 2.0)
    actionpack (6.0.0)
      actionview (= 6.0.0)
      activesupport (= 6.0.0)
      rack (~> 2.0)
      rack-test (>= 0.6.3)
      rails-dom-testing (~> 2.0)
      rails-html-sanitizer (~> 1.0, >= 1.2.0)
    actiontext (6.0.0)
      actionpack (= 6.0.0)
      activerecord (= 6.0.0)
      activestorage (= 6.0.0)
      activesupport (= 6.0.0)
      nokogiri (>= 1.8.5)
    actionview (6.0.0)
      activesupport (= 6.0.0)
      builder (~> 3.1)
      erubi (~> 1.4)
      rails-dom-testing (~> 2.0)
      rails-html-sanitizer (~> 1.1, >= 1.2.0)
    activejob (6.0.0)
      activesupport (= 6.0.0)
      globalid (>= 0.3.6)
    activemodel (6.0.0)
      activesupport (= 6.0.0)
    activerecord (6.0.0)
      activemodel (= 6.0.0)
      activesupport (= 6.0.0)
    activestorage (6.0.0)
      actionpack (= 6.0.0)
      activejob (= 6.0.0)
      activerecord (= 6.0.0)
      marcel (~> 0.3.1)
    activesupport (6.0.0)
      concurrent-ruby (~> 1.0, >= 1.0.2)
      i18n (>= 0.7, < 2)
      minitest (~> 5.1)
      tzinfo (~> 1.1)
      zeitwerk (~> 2.1, >= 2.1.8)
    acts_as_list (1.0.4)
      activerecord (>= 4.2)
    acts_as_tree (2.9.1)
      activerecord (>= 3.0.0)
    addressable (2.8.1)
      public_suffix (>= 2.0.2, < 6.0)
    airrecord (1.0.10)
      faraday (>= 1.0, < 3.0)
      faraday-net_http_persistent
      net-http-persistent
    autoprefixer-rails (10.4.7.0)
      execjs (~> 2)
    bcrypt (3.1.18)
    bindex (0.8.1)
    bootsnap (1.13.0)
      msgpack (~> 1.2)
    bootstrap (4.4.1)
      autoprefixer-rails (>= 9.1.0)
      popper_js (>= 1.14.3, < 2)
      sassc-rails (>= 2.0.0)
    builder (3.2.4)
    bullet (7.0.3)
      activesupport (>= 3.0.0)
      uniform_notifier (~> 1.11)
    byebug (11.1.3)
    chronic (0.10.2)
    coderay (1.1.3)
    concurrent-ruby (1.1.10)
    connection_pool (2.3.0)
    crass (1.0.6)
    declarative (0.0.20)
    domain_name (0.5.20190701)
      unf (>= 0.0.5, < 1.0.0)
    dotenv (2.8.1)
    dotenv-rails (2.8.1)
      dotenv (= 2.8.1)
      railties (>= 3.2)
    erubi (1.11.0)
    exception_handler (0.8.0.2)
      bundler
      rails (>= 4.2.0)
      responders
    execjs (2.8.1)
    faraday (1.10.2)
      faraday-em_http (~> 1.0)
      faraday-em_synchrony (~> 1.0)
      faraday-excon (~> 1.1)
      faraday-httpclient (~> 1.0)
      faraday-multipart (~> 1.0)
      faraday-net_http (~> 1.0)
      faraday-net_http_persistent (~> 1.0)
      faraday-patron (~> 1.0)
      faraday-rack (~> 1.0)
      faraday-retry (~> 1.0)
      ruby2_keywords (>= 0.0.4)
    faraday-em_http (1.0.0)
    faraday-em_synchrony (1.0.0)
    faraday-excon (1.1.0)
    faraday-httpclient (1.0.1)
    faraday-multipart (1.0.4)
      multipart-post (~> 2)
    faraday-net_http (1.0.1)
    faraday-net_http_persistent (1.2.0)
    faraday-patron (1.0.0)
    faraday-rack (1.0.0)
    faraday-retry (1.0.3)
    ffi (1.15.5)
    font-awesome-sass (5.5.0.1)
      sassc (>= 1.11)
    gems (1.2.0)
    globalid (1.0.0)
      activesupport (>= 5.0)
    google-api-client (0.53.0)
      google-apis-core (~> 0.1)
      google-apis-generator (~> 0.1)
    google-apis-calendar_v3 (0.24.0)
      google-apis-core (>= 0.9.1, < 2.a)
    google-apis-core (0.9.1)
      addressable (~> 2.5, >= 2.5.1)
      googleauth (>= 0.16.2, < 2.a)
      httpclient (>= 2.8.1, < 3.a)
      mini_mime (~> 1.0)
      representable (~> 3.0)
      retriable (>= 2.0, < 4.a)
      rexml
      webrick
    google-apis-discovery_v1 (0.13.0)
      google-apis-core (>= 0.9.1, < 2.a)
    google-apis-drive_v3 (0.32.0)
      google-apis-core (>= 0.9.1, < 2.a)
    google-apis-generator (0.11.0)
      activesupport (>= 5.0)
      gems (~> 1.2)
      google-apis-core (>= 0.9.1, < 2.a)
      google-apis-discovery_v1 (~> 0.5)
      thor (>= 0.20, < 2.a)
    google-apis-sheets_v4 (0.20.0)
      google-apis-core (>= 0.9.1, < 2.a)
    google-http-actionmailer (0.3.0)
      google-api-client (~> 0.19)
      mail (~> 2.5)
    google_drive (3.0.7)
      google-apis-drive_v3 (>= 0.5.0, < 1.0.0)
      google-apis-sheets_v4 (>= 0.4.0, < 1.0.0)
      googleauth (>= 0.5.0, < 1.0.0)
      nokogiri (>= 1.5.3, < 2.0.0)
    googleauth (0.17.1)
      faraday (>= 0.17.3, < 2.0)
      jwt (>= 1.4, < 3.0)
      memoist (~> 0.16)
      multi_json (~> 1.11)
      os (>= 0.9, < 2.0)
      signet (~> 0.15)
    hashie (3.6.0)
    http-accept (1.7.0)
    http-cookie (1.0.5)
      domain_name (~> 0.5)
    httpclient (2.8.3)
    i18n (1.12.0)
      concurrent-ruby (~> 1.0)
    image_processing (1.12.2)
      mini_magick (>= 4.9.5, < 5)
      ruby-vips (>= 2.0.17, < 3)
    invisible_captcha (2.0.0)
      rails (>= 5.0)
    jbuilder (2.11.5)
      actionview (>= 5.0.0)
      activesupport (>= 5.0.0)
    jquery-rails (4.5.1)
      rails-dom-testing (>= 1, < 3)
      railties (>= 4.2.0)
      thor (>= 0.14, < 2.0)
    json (2.6.2)
    jwt (2.5.0)
    kaminari (1.2.2)
      activesupport (>= 4.1.0)
      kaminari-actionview (= 1.2.2)
      kaminari-activerecord (= 1.2.2)
      kaminari-core (= 1.2.2)
    kaminari-actionview (1.2.2)
      actionview
      kaminari-core (= 1.2.2)
    kaminari-activerecord (1.2.2)
      activerecord
      kaminari-core (= 1.2.2)
    kaminari-core (1.2.2)
    linkedin-v2 (0.1.9)
      faraday (~> 1.0)
      hashie (~> 3.2)
      mime-types (>= 1.16)
      oauth2 (~> 1.0)
    listen (3.0.8)
      rb-fsevent (~> 0.9, >= 0.9.4)
      rb-inotify (~> 0.9, >= 0.9.7)
    loofah (2.19.0)
      crass (~> 1.0.2)
      nokogiri (>= 1.5.9)
    mail (2.7.1)
      mini_mime (>= 0.1.1)
    marcel (0.3.3)
      mimemagic (~> 0.3.2)
    memoist (0.16.2)
    method_source (1.0.0)
    mime-types (3.4.1)
      mime-types-data (~> 3.2015)
    mime-types-data (3.2022.0105)
    mimemagic (0.3.10)
      nokogiri (~> 1)
      rake
    mini_magick (4.11.0)
    mini_mime (1.1.2)
    mini_portile2 (2.8.0)
    minitest (5.16.3)
    msgpack (1.6.0)
    multi_json (1.15.0)
    multi_xml (0.6.0)
    multipart-post (2.2.3)
    nested_form (0.3.2)
    net-http-persistent (4.0.1)
      connection_pool (~> 2.2)
    netrc (0.11.0)
    nio4r (2.5.8)
    nokogiri (1.13.10)
      mini_portile2 (~> 2.8.0)
      racc (~> 1.4)
    nokogiri (1.13.10-x86_64-linux)
      racc (~> 1.4)
    oauth2 (1.4.11)
      faraday (>= 0.17.3, < 3.0)
      jwt (>= 1.0, < 3.0)
      multi_json (~> 1.3)
      multi_xml (~> 0.5)
      rack (>= 1.2, < 4)
    omniauth (2.1.0)
      hashie (>= 3.4.6)
      rack (>= 2.2.3)
      rack-protection
    omniauth-google-oauth2 (1.0.1)
      jwt (>= 2.0)
      oauth2 (~> 1.1)
      omniauth (~> 2.0)
      omniauth-oauth2 (~> 1.7.1)
    omniauth-linkedin-oauth2 (1.0.0)
      omniauth-oauth2
    omniauth-oauth2 (1.7.3)
      oauth2 (>= 1.4, < 3)
      omniauth (>= 1.9, < 3)
    omniauth-rails_csrf_protection (1.0.1)
      actionpack (>= 4.2)
      omniauth (~> 2.0)
    order_as_specified (1.7)
      activerecord (>= 5.0.0)
    orm_adapter (0.5.0)
    os (1.1.4)
    pg (0.21.0)
    pg_search (2.3.6)
      activerecord (>= 5.2)
      activesupport (>= 5.2)
    popper_js (1.16.1)
    postmark (1.22.1)
      json
    postmark-rails (0.22.1)
      actionmailer (>= 3.0.0)
      postmark (>= 1.21.3, < 2.0)
    pretender (0.4.0)
      actionpack (>= 5.2)
    pry (0.14.1)
      coderay (~> 1.1)
      method_source (~> 1.0)
    pry-byebug (3.10.1)
      byebug (~> 11.0)
      pry (>= 0.13, < 0.15)
    pry-rails (0.3.9)
      pry (>= 0.10.4)
    public_suffix (5.0.0)
    puma (6.0.0)
      nio4r (~> 2.0)
    pundit (2.2.0)
      activesupport (>= 3.0.0)
    racc (1.6.1)
    rack (2.2.4)
    rack-protection (3.0.3)
      rack
    rack-proxy (0.7.4)
      rack
    rack-test (2.0.2)
      rack (>= 1.3)
    rails (6.0.0)
      actioncable (= 6.0.0)
      actionmailbox (= 6.0.0)
      actionmailer (= 6.0.0)
      actionpack (= 6.0.0)
      actiontext (= 6.0.0)
      actionview (= 6.0.0)
      activejob (= 6.0.0)
      activemodel (= 6.0.0)
      activerecord (= 6.0.0)
      activestorage (= 6.0.0)
      activesupport (= 6.0.0)
      bundler (>= 1.3.0)
      railties (= 6.0.0)
      sprockets-rails (>= 2.0.0)
    rails-dom-testing (2.0.3)
      activesupport (>= 4.2.0)
      nokogiri (>= 1.6)
    rails-html-sanitizer (1.4.3)
      loofah (~> 2.3)
    railties (6.0.0)
      actionpack (= 6.0.0)
      activesupport (= 6.0.0)
      method_source
      rake (>= 0.8.7)
      thor (>= 0.20.3, < 2.0)
    rake (13.0.6)
    ransack (2.5.0)
      activerecord (>= 5.2.4)
      activesupport (>= 5.2.4)
      i18n
    rb-fsevent (0.11.2)
    rb-inotify (0.10.1)
      ffi (~> 1.0)
    redis (4.8.0)
    redis-actionpack (5.3.0)
      actionpack (>= 5, < 8)
      redis-rack (>= 2.1.0, < 3)
      redis-store (>= 1.1.0, < 2)
    redis-activesupport (5.3.0)
      activesupport (>= 3, < 8)
      redis-store (>= 1.3, < 2)
    redis-rack (2.1.4)
      rack (>= 2.0.8, < 3)
      redis-store (>= 1.2, < 2)
    redis-rails (5.0.2)
      redis-actionpack (>= 5.0, < 6)
      redis-activesupport (>= 5.0, < 6)
      redis-store (>= 1.2, < 2)
    redis-store (1.9.1)
      redis (>= 4, < 5)
    render_async (2.1.11)
    representable (3.2.0)
      declarative (< 0.1.0)
      trailblazer-option (>= 0.1.1, < 0.2.0)
      uber (< 0.2.0)
    responders (3.0.1)
      actionpack (>= 5.0)
      railties (>= 5.0)
    rest-client (2.1.0)
      http-accept (>= 1.7.0, < 2.0)
      http-cookie (>= 1.0.2, < 2.0)
      mime-types (>= 1.16, < 4.0)
      netrc (~> 0.8)
    retriable (3.1.2)
    rexml (3.2.5)
    ruby-vips (2.1.4)
      ffi (~> 1.12)
    ruby2_keywords (0.0.5)
    ruby_http_client (3.5.5)
    sassc (2.4.0)
      ffi (~> 1.9)
    sassc-rails (2.1.2)
      railties (>= 4.0.0)
      sassc (>= 2.0)
      sprockets (> 3.0)
      sprockets-rails
      tilt
    semantic_range (3.0.0)
    sendgrid-ruby (6.6.2)
      ruby_http_client (~> 3.4)
    sentry-rails (5.6.0)
      railties (>= 5.0)
      sentry-ruby (~> 5.6.0)
    sentry-ruby (5.6.0)
      concurrent-ruby (~> 1.0, >= 1.0.2)
    signet (0.17.0)
      addressable (~> 2.8)
      faraday (>= 0.17.5, < 3.a)
      jwt (>= 1.5, < 3.0)
      multi_json (~> 1.10)
    simple_calendar (2.4.3)
      rails (>= 3.0)
    simple_form (5.1.0)
      actionpack (>= 5.2)
      activemodel (>= 5.2)
    spring (2.1.1)
    spring-watcher-listen (2.0.1)
      listen (>= 2.7, < 4.0)
      spring (>= 1.2, < 3.0)
    sprockets (4.1.1)
      concurrent-ruby (~> 1.0)
      rack (> 1, < 3)
    sprockets-rails (3.4.2)
      actionpack (>= 5.2)
      activesupport (>= 5.2)
      sprockets (>= 3.0.0)
    sucker_punch (2.1.2)
      concurrent-ruby (~> 1.0)
    thor (1.2.1)
    thread_safe (0.3.6)
    tilt (2.0.11)
    trailblazer-option (0.1.2)
    trix-rails (2.4.0)
      rails (> 4.1)
    turbolinks (5.2.1)
      turbolinks-source (~> 5.2)
    turbolinks-source (5.2.0)
    tzinfo (1.2.10)
      thread_safe (~> 0.1)
    uber (0.1.0)
    uglifier (4.2.0)
      execjs (>= 0.3.0, < 3)
    unf (0.1.4)
      unf_ext
    unf_ext (0.0.8.2)
    uniform_notifier (1.16.0)
    view_component (2.75.0)
      activesupport (>= 5.0.0, < 8.0)
      concurrent-ruby (~> 1.0)
      method_source (~> 1.0)
    warden (1.2.9)
      rack (>= 2.0.9)
    web-console (4.2.0)
      actionview (>= 6.0.0)
      activemodel (>= 6.0.0)
      bindex (>= 0.4.0)
      railties (>= 6.0.0)
    webpacker (5.4.3)
      activesupport (>= 5.2)
      rack-proxy (>= 0.6.1)
      railties (>= 5.2)
      semantic_range (>= 2.3.0)
    webrick (1.7.0)
    websocket-driver (0.7.5)
      websocket-extensions (>= 0.1.0)
    websocket-extensions (0.1.5)
    whenever (1.0.0)
      chronic (>= 0.6.3)
    where_exists (2.0.2)
      activerecord (>= 5.2, < 7.1)
    wicked_pdf (2.6.3)
      activesupport
    wkhtmltopdf-binary (0.12.6.5)
    wkhtmltopdf-heroku (2.12.5.0)
    zeitwerk (2.6.6)

PLATFORMS
  ruby
  x86_64-linux

DEPENDENCIES
  acts_as_list
  acts_as_tree
  airrecord
  autoprefixer-rails
  bootsnap
  bootstrap (~> 4.4.1)
  bullet
  ckeditor!
  devise!
  dotenv-rails
  exception_handler (~> 0.8.0.0)
  font-awesome-sass (~> 5.5.0)
  google-apis-calendar_v3
  google-http-actionmailer
  google_drive
  image_processing
  invisible_captcha
  jbuilder
  jquery-rails
  kaminari
  linkedin-v2
  listen (~> 3.0.5)
  material-sass!
  nested_form
  oauth2
  omniauth-google-oauth2
  omniauth-linkedin-oauth2
  omniauth-rails_csrf_protection
  order_as_specified
  pg (~> 0.21)
  pg_search
  postmark-rails
  pretender
  pry-byebug
  pry-rails
  puma
  pundit
  rails (= 6.0.0)
  ransack
  redis
  redis-rails
  render_async
  rest-client (~> 2.1)
  sassc-rails
  sendgrid-ruby
  sentry-rails
  sentry-ruby
  simple_calendar (~> 2.0)
  simple_form
  spring
  spring-watcher-listen (~> 2.0.0)
  sprockets-rails
  sucker_punch (~> 2.0)
  trix-rails
  turbolinks (~> 5)
  uglifier
  view_component
  web-console (>= 3.3.0)
  webpacker
  whenever
  where_exists
  wicked_pdf (~> 2.6.3)
  wkhtmltopdf-binary
  wkhtmltopdf-heroku (= 2.12.5.0)

RUBY VERSION
   ruby 2.7.3p183

BUNDLED WITH
   2.3.9
